FRAMEWORK: >= NET452
NUGET
  remote: http://api.nuget.org/v3/index.json
    FAKE (4.36)
    FParsec-Big-Data-Edition (1.0.2)
    FSharp.Core (4.0.0.1) - redirects: force
    FSharp.TypeProviders.StarterPack (1.1.3.88)
    FsUnit (2.3.1)
      FSharp.Core (>= 3.1.2.5)
      NUnit (3.4.1)
    NUnit (3.4.1)
    NUnit.ConsoleRunner (3.4.1)
